GEM
  specs:
    power_assert (2.0.3)
    rexml (3.2.5)
    test-unit (3.5.7)
      power_assert

PLATFORMS
  x64-mingw-ucrt

DEPENDENCIES
  rexml (~> 3.2, >= 3.2.5)
  test-unit (~> 3.1, >= 3.1.8)

RUBY VERSION
   ruby 3.2.3p157

BUNDLED WITH
   2.4.19
